GEM
  remote: https://rubygems.org/
  specs:
    byebug (10.0.2)
    coderay (1.1.2)
    method_source (0.9.2)
    pry (0.12.2)
      coderay (~> 1.1.0)
      method_source (~> 0.9.0)
    pry-byebug (3.6.0)
      byebug (~> 10.0)
      pry (~> 0.10)
    settingslogic (2.0.9)

PLATFORMS
  ruby

DEPENDENCIES
  pry
  pry-byebug
  settingslogic

BUNDLED WITH
   1.17.2
